PATH
  remote: .
  specs:
    pairdata (0.0.1)
      httparty (~> 0.15.6)

GEM
  remote: https://rubygems.org/
  specs:
    byebug (9.1.0)
    fabrication (2.16.3)
    httparty (0.15.6)
      multi_xml (>= 0.5.2)
    minitest (5.10.3)
    minitest-debugger (1.0.3)
      minitest (~> 5.0)
    multi_xml (0.6.0)
    rake (12.1.0)

PLATFORMS
  ruby

DEPENDENCIES
  bundler (> 1.15)
  byebug
  fabrication (~> 2.16.1)
  minitest (~> 5.0)
  minitest-debugger (~> 1.0.0)
  pairdata!
  rake

BUNDLED WITH
   1.16.0.pre.3
